GEM
  remote: https://rubygems.org/
  specs:
    mechanize (2.0.1)
      net-http-digest_auth (~> 1.1, >= 1.1.1)
      net-http-persistent (~> 1.8)
      nokogiri (~> 1.4)
      webrobots (~> 0.0, >= 0.0.9)
    net-http-digest_auth (1.2)
    net-http-persistent (1.9)
    nokogiri (1.5.0)
    webrobots (0.0.12)
      nokogiri (>= 1.4.4)

PLATFORMS
  ruby

DEPENDENCIES
  mechanize
